GEM
  remote: https://rubygems.org/
  specs:
    newrelic_rpm (3.11.2.286)
    rack (1.6.0)

PLATFORMS
  ruby

DEPENDENCIES
  newrelic_rpm
  rack
